GEM
  remote: http://rubygems.org/
  specs:
    activemodel (3.2.13)
      activesupport (= 3.2.13)
      builder (~> 3.0.0)
    activerecord (3.2.13)
      activemodel (= 3.2.13)
      activesupport (= 3.2.13)
      arel (~> 3.0.2)
      tzinfo (~> 0.3.29)
    activerecord-jdbc-adapter (1.2.9)
    activerecord-jdbcmysql-adapter (1.2.9)
      activerecord-jdbc-adapter (~> 1.2.9)
      jdbc-mysql (~> 5.1.0)
    activesupport (3.2.13)
      i18n (= 0.6.1)
      multi_json (~> 1.0)
    arel (3.0.2)
    async-rack (0.5.1)
      rack (~> 1.1)
    backports (2.6.7)
    bouncy-castle-java (1.5.0147)
    builder (3.0.4)
    coderay (1.0.9)
    database_cleaner (0.9.1)
    descendants_tracker (0.0.1)
    diff-lcs (1.2.2)
    em-synchrony (1.0.3)
      eventmachine (>= 1.0.0.beta.1)
    em-websocket (0.5.0)
      eventmachine (>= 0.12.9)
      http_parser.rb (~> 0.5.3)
    eventmachine (1.0.3)
    eventmachine (1.0.3-java)
    factory_girl (4.2.0)
      activesupport (>= 3.0.0)
    ffi (1.6.0-java)
    github-markup (0.7.5)
    goliath (1.0.1)
      async-rack
      em-synchrony (>= 1.0.0)
      em-websocket
      eventmachine (>= 1.0.0.beta.4)
      http_parser.rb (= 0.5.3)
      log4r
      multi_json
      rack (>= 1.2.2)
      rack-contrib
      rack-respond_to
    grape (0.3.2)
      activesupport
      builder
      hashie (>= 1.2.0)
      multi_json (>= 1.3.2)
      multi_xml (>= 0.5.2)
      rack
      rack-accept
      rack-mount
      virtus
    grape-entity (0.3.0)
      activesupport
      multi_json (>= 1.3.2)
    hashie (2.0.3)
    http_parser.rb (0.5.3)
    http_parser.rb (0.5.3-java)
    i18n (0.6.1)
    jdbc-mysql (5.1.24)
    jruby-openssl (0.8.7)
      bouncy-castle-java (>= 1.5.0147)
    json_spec (1.1.1)
      multi_json (~> 1.0)
      rspec (~> 2.0)
    log4r (1.1.10)
    macaddr (1.6.1)
      systemu (~> 2.5.0)
    method_source (0.8.1)
    multi_json (1.7.2)
    multi_xml (0.5.3)
    pry (0.9.12)
      coderay (~> 1.0.5)
      method_source (~> 0.8)
      slop (~> 3.4)
    pry (0.9.12-java)
      coderay (~> 1.0.5)
      method_source (~> 0.8)
      slop (~> 3.4)
      spoon (~> 0.0)
    rack (1.5.2)
    rack-accept (0.4.5)
      rack (>= 0.4)
    rack-accept-media-types (0.9)
    rack-contrib (1.1.0)
      rack (>= 0.9.1)
    rack-mount (0.8.3)
      rack (>= 1.0.0)
    rack-respond_to (0.9.8)
      rack-accept-media-types (>= 0.6)
    rack-test (0.6.2)
      rack (>= 1.0)
    rake (10.0.4)
    rspec (2.13.0)
      rspec-core (~> 2.13.0)
      rspec-expectations (~> 2.13.0)
      rspec-mocks (~> 2.13.0)
    rspec-core (2.13.1)
    rspec-expectations (2.13.0)
      diff-lcs (>= 1.1.3, < 2.0)
    rspec-mocks (2.13.0)
    slop (3.4.4)
    spoon (0.0.3)
      ffi
    spork (0.9.2)
    systemu (2.5.2)
    tzinfo (0.3.37)
    uuid (2.3.7)
      macaddr (~> 1.0)
    virtus (0.5.4)
      backports (~> 2.6.1)
      descendants_tracker (~> 0.0.1)

PLATFORMS
  java
  ruby

DEPENDENCIES
  activerecord (~> 3.2.12)
  activerecord-jdbc-adapter (~> 1.2.7)
  activerecord-jdbcmysql-adapter
  database_cleaner
  factory_girl
  github-markup
  goliath (~> 1.0.1)
  grape (~> 0.3.2)
  grape-entity
  jruby-openssl
  json_spec
  pry
  rack-test (~> 0.6.2)
  rake
  rspec
  spork
  uuid (~> 2.3.7)
